GEM
  remote: http://rubygems.org/
  specs:
    coderay (1.1.2)
    method_source (0.9.2)
    pry (0.12.2)
      coderay (~> 1.1.0)
      method_source (~> 0.9.0)
    rugged (0.28.1)

PLATFORMS
  ruby

DEPENDENCIES
  pry
  rugged

BUNDLED WITH
   1.16.2
